GEM
  remote: https://rubygems.org/
  specs:
    lefthook (0.7.7)

PLATFORMS
  ruby

DEPENDENCIES
  lefthook (~> 0.7.7)

BUNDLED WITH
   2.1.4
